GEM
  remote: https://rubygems.org/
  specs:
    execjs (2.2.2)
    json (2.3.1)
    rake (10.4.2)
    sass (3.3.6)
    uglifier (2.7.0)
      execjs (>= 0.3.0)
      json (>= 1.8.0)

PLATFORMS
  ruby

DEPENDENCIES
  rake
  sass (= 3.3.6)
  uglifier
